GEM
  remote: https://rubygems.org/
  specs:
    aws-eventstream (1.3.0)
    aws-partitions (1.961.0)
    aws-sdk-core (3.201.3)
      aws-eventstream (~> 1, >= 1.3.0)
      aws-partitions (~> 1, >= 1.651.0)
      aws-sigv4 (~> 1.8)
      jmespath (~> 1, >= 1.6.1)
    aws-sdk-kms (1.88.0)
      aws-sdk-core (~> 3, >= 3.201.0)
      aws-sigv4 (~> 1.5)
    aws-sdk-s3 (1.157.0)
      aws-sdk-core (~> 3, >= 3.201.0)
      aws-sdk-kms (~> 1)
      aws-sigv4 (~> 1.5)
    aws-sigv4 (1.9.1)
      aws-eventstream (~> 1, >= 1.0.2)
    coderay (1.1.3)
    jmespath (1.6.2)
    method_source (1.1.0)
    pry (0.14.2)
      coderay (~> 1.1)
      method_source (~> 1.0)

PLATFORMS
  ruby
  x86_64-linux

DEPENDENCIES
  aws-sdk-s3
  pry

BUNDLED WITH
   2.5.15
